GIT
  remote: git://github.com/jvaill/sprockets.git
  revision: 6327a13e77609991509c8cf3d3c1e571f6a4b23d
  branch: master
  specs:
    sprockets (2.9.2)
      hike (~> 1.2)
      multi_json (~> 1.0)
      rack (~> 1.0)
      tilt (~> 1.1, != 1.3.0)

GIT
  remote: git://github.com/jvatic/lodash-assets.git
  revision: 34bfb392e2407053d6cf28f76c884c6e77df34e8
  branch: master
  specs:
    lodash-assets (0.0.1)
      execjs (>= 1.2.9)
      sprockets (>= 2.0.3)
      tilt (>= 1.3.3)
      yajl-ruby

GIT
  remote: git://github.com/jvatic/marbles-js.git
  revision: 197365d85086ac4355609c0ed568eee6c36e67ce
  branch: redesign
  specs:
    marbles-js (0.0.3)

GIT
  remote: git://github.com/jvatic/raven-js-sprockets.git
  revision: 4e8688e498d56fccf6ae58f44cda7f9812c1ad9a
  branch: master
  specs:
    raven-js (0.0.3)

GIT
  remote: git://github.com/jvatic/react-jsx-sprockets.git
  revision: 7ea77c58eb05a3573bd9c03f7149b1101cdf20fe
  branch: master
  specs:
    react-jsx-sprockets (0.0.2)
      execjs (>= 1.2.9)
      sprockets (>= 2.0.3)
      tilt (>= 1.3.3)
      yajl-ruby

GIT
  remote: git://github.com/tent/hawk-ruby.git
  revision: ad6be56282aa77870db36313bdc38f0e139cd78e
  branch: master
  specs:
    hawk-auth (0.2.4)

GIT
  remote: git://github.com/tent/icing.git
  revision: d693d3756f62511319dc58760cbb8cd627a3ba5b
  branch: master
  specs:
    icing (0.0.1)
      compass (~> 0.12.2)
      sass
      sprockets (~> 2.0)
      sprockets-helpers (~> 0.2)
      sprockets-sass (~> 0.5)

GIT
  remote: git://github.com/tent/marbles-tent-client-js.git
  revision: c6c26eeddb4824b306f6901efc3eaa21f4562f76
  branch: redesign
  specs:
    marbles-tent-client-js (0.0.1)

GIT
  remote: git://github.com/tent/omniauth-tent.git
  revision: 4143813b2b8848acc2c289a28c2f2d1ef7a28c4a
  branch: master
  specs:
    omniauth-tent (0.2.1)
      omniauth (~> 1.1.1)
      tent-client

GIT
  remote: git://github.com/tent/rack-putty.git
  revision: ebb5a62dc895ce0b73fa6cd3dda330226f42beb9
  branch: master
  specs:
    rack-putty (0.0.1)
      rack-mount (~> 0.8.3)

GIT
  remote: git://github.com/tent/tent-client-ruby.git
  revision: 1f9259f84d6602ca5739abebb9b11b734c3192f4
  branch: master
  specs:
    tent-client (0.2.1)
      faraday (= 0.8.4)
      faraday_middleware (= 0.8.8)
      faraday_middleware-multi_json
      hawk-auth
      nokogiri
      yajl-ruby

GIT
  remote: git://github.com/titanous/asset_sync.git
  revision: 64f86044921b7029cf3be673a1920aa7fdfe8604
  branch: fix-mime
  specs:
    asset_sync (0.5.0)
      activemodel
      fog

GEM
  remote: https://rubygems.org/
  specs:
    activemodel (4.0.2)
      activesupport (= 4.0.2)
      builder (~> 3.1.0)
    activesupport (4.0.2)
      i18n (~> 0.6, >= 0.6.4)
      minitest (~> 4.2)
      multi_json (~> 1.3)
      thread_safe (~> 0.1)
      tzinfo (~> 0.3.37)
    atomic (1.1.14)
    builder (3.1.4)
    chunky_png (1.2.9)
    coffee-script (2.2.0)
      coffee-script-source
      execjs
    coffee-script-source (1.6.3)
    compass (0.12.2)
      chunky_png (~> 1.2)
      fssm (>= 0.2.7)
      sass (~> 3.1)
    excon (0.31.0)
    execjs (2.0.2)
    faraday (0.8.4)
      multipart-post (~> 1.1)
    faraday_middleware (0.8.8)
      faraday (>= 0.7.4, < 0.9)
    faraday_middleware-multi_json (0.0.5)
      faraday_middleware
      multi_json
    fog (1.19.0)
      builder
      excon (~> 0.31.0)
      formatador (~> 0.2.0)
      mime-types
      multi_json (~> 1.0)
      net-scp (~> 1.1)
      net-ssh (>= 2.1.3)
      nokogiri (~> 1.5)
      ruby-hmac
    formatador (0.2.4)
    fssm (0.2.10)
    hashie (2.0.5)
    hike (1.2.3)
    i18n (0.6.9)
    json (1.8.1)
    libv8 (3.16.14.3)
    mime-types (2.0)
    mimetype-fu (0.1.2)
    mini_portile (0.5.2)
    minitest (4.7.5)
    multi_json (1.8.2)
    multipart-post (1.2.0)
    net-scp (1.1.2)
      net-ssh (>= 2.6.5)
    net-ssh (2.7.0)
    nokogiri (1.6.1)
      mini_portile (~> 0.5.0)
    omniauth (1.1.4)
      hashie (>= 1.2, < 3)
      rack
    puma (2.7.1)
      rack (>= 1.1, < 2.0)
    rack (1.5.2)
    rack-mount (0.8.3)
      rack (>= 1.0.0)
    rainpress (1.0)
    rake (10.1.1)
    ref (1.0.5)
    ruby-hmac (0.4.0)
    sass (3.2.13)
    sprockets-helpers (0.9.1)
      sprockets (~> 2.0)
    sprockets-rainpress (0.0.1)
      rainpress
      sprockets
    sprockets-sass (0.9.1)
      sprockets (~> 2.0)
      tilt (~> 1.1)
    therubyracer (0.12.0)
      libv8 (~> 3.16.14.0)
      ref
    thread_safe (0.1.3)
      atomic
    tilt (1.4.1)
    tzinfo (0.3.38)
    uglifier (2.4.0)
      execjs (>= 0.3.0)
      json (>= 1.8.0)
    yajl-ruby (1.2.0)

PLATFORMS
  ruby

DEPENDENCIES
  asset_sync!
  coffee-script
  hawk-auth!
  icing!
  lodash-assets!
  marbles-js!
  marbles-tent-client-js!
  mime-types
  mimetype-fu
  omniauth-tent!
  puma
  rack-putty!
  rake
  raven-js!
  react-jsx-sprockets!
  sass
  sprockets (~> 2.0)!
  sprockets-rainpress
  tent-client!
  therubyracer
  uglifier
  yajl-ruby
